GEM
  specs:
    table_display (2.2.0)

PLATFORMS
  arm64-darwin-21

DEPENDENCIES
  table_display (~> 2.1)

BUNDLED WITH
   2.4.19
